GEM
  remote: https://rubygems.org/
  specs:
    geocoder (1.2.8)
    rgeo (0.3.20)
    rgeo-geojson (0.3.1)
      rgeo (~> 0.3)

PLATFORMS
  ruby

DEPENDENCIES
  geocoder
  rgeo-geojson
