GEM
  remote: https://rubygems.org/
  specs:
    geocoder (1.2.9)

PLATFORMS
  ruby

DEPENDENCIES
  geocoder

BUNDLED WITH
   1.10.3
